GEM
  remote: https://rubygems.org/
  specs:
    awesome_print (1.7.0)
    byebug (9.0.6)
    minitest (5.10.1)
    minitest-coverage (1.0.0.b1)
    minitest-filesystem (1.2.0)

PLATFORMS
  ruby

DEPENDENCIES
  awesome_print
  byebug
  minitest
  minitest-coverage
  minitest-filesystem

BUNDLED WITH
   1.14.3
